GIT
  remote: https://github.com/ruby-amqp/hot_bunnies.git
  revision: c299e477b86f78fb32f0102211266d70cb5b18b2
  specs:
    hot_bunnies (1.4.0.pre1-java)

GEM
  remote: http://rubygems.org/
  specs:
    blockenspiel (0.4.3)
    celluloid (0.10.0)
    connection_pool (0.9.1)
    diff-lcs (1.1.3)
    git (1.2.5)
    jeweler (1.8.3)
      bundler (~> 1.0)
      git (>= 1.2.5)
      rake
      rdoc
    json (1.6.6)
    json (1.6.6-java)
    multi_json (1.2.0)
    rake (0.9.2.2)
    rdoc (3.12)
      json (~> 1.4)
    redis (2.2.2)
    redis-namespace (1.1.0)
      redis (< 3.0.0)
    rspec (2.9.0)
      rspec-core (~> 2.9.0)
      rspec-expectations (~> 2.9.0)
      rspec-mocks (~> 2.9.0)
    rspec-core (2.9.0)
    rspec-expectations (2.9.1)
      diff-lcs (~> 1.1.3)
    rspec-mocks (2.9.0)
    sidekiq (1.0.0)
      celluloid (~> 0.10.0)
      connection_pool (~> 0.9.0)
      multi_json
      redis
      redis-namespace

PLATFORMS
  java
  ruby

DEPENDENCIES
  blockenspiel (~> 0.4.3)
  bundler (> 1.0.0)
  celluloid
  hot_bunnies!
  jeweler
  rspec
  sidekiq
