GEM
  remote: http://rubygems.org/
  specs:
    blockenspiel (0.4.3)
    bunny (0.7.9)
    celluloid (0.10.0)
    connection_pool (0.9.1)
    diff-lcs (1.1.3)
    git (1.2.5)
    jeweler (1.8.3)
      bundler (~> 1.0)
      git (>= 1.2.5)
      rake
      rdoc
    json (1.7.0)
    json (1.7.0-java)
    multi_json (1.3.4)
    rake (0.9.2.2)
    rdoc (3.12)
      json (~> 1.4)
    redis (2.2.2)
    redis-namespace (1.1.0)
      redis (< 3.0.0)
    rspec (2.9.0)
      rspec-core (~> 2.9.0)
      rspec-expectations (~> 2.9.0)
      rspec-mocks (~> 2.9.0)
    rspec-core (2.9.0)
    rspec-expectations (2.9.1)
      diff-lcs (~> 1.1.3)
    rspec-mocks (2.9.0)
    sidekiq (1.1.4)
      celluloid (~> 0.10.0)
      connection_pool (~> 0.9.0)
      multi_json (~> 1.0)
      redis
      redis-namespace

PLATFORMS
  java
  ruby

DEPENDENCIES
  blockenspiel (~> 0.4.3)
  bundler (> 1.0.0)
  bunny
  celluloid
  jeweler
  rspec
  sidekiq
