GIT
  remote: https://github.com/ruby-amqp/bunny.git
  revision: 24716ca77de01f8420f062d9913b864f890906f7
  specs:
    bunny (0.9.0.pre1)

GEM
  remote: http://rubygems.org/
  specs:
    blockenspiel (0.4.5)
    celluloid (0.12.0)
      timers (>= 1.0.0)
    connection_pool (0.9.2)
    diff-lcs (1.1.3)
    git (1.2.5)
    jeweler (1.8.4)
      bundler (~> 1.0)
      git (>= 1.2.5)
      rake
      rdoc
    json (1.7.5)
    log4r (1.1.10)
    multi_json (1.3.6)
    rake (0.9.2.2)
    rdoc (3.12)
      json (~> 1.4)
    redis (3.0.1)
    redis-namespace (1.2.1)
      redis (~> 3.0.0)
    rspec (2.11.0)
      rspec-core (~> 2.11.0)
      rspec-expectations (~> 2.11.0)
      rspec-mocks (~> 2.11.0)
    rspec-core (2.11.1)
    rspec-expectations (2.11.3)
      diff-lcs (~> 1.1.3)
    rspec-mocks (2.11.2)
    sidekiq (2.3.0)
      celluloid (~> 0.12.0)
      connection_pool (~> 0.9.2)
      multi_json (~> 1)
      redis (~> 3)
      redis-namespace
    timers (1.0.1)

PLATFORMS
  ruby

DEPENDENCIES
  blockenspiel (~> 0.4.3)
  bundler (> 1.0.0)
  bunny!
  celluloid
  jeweler
  json
  log4r
  rspec
  sidekiq
